GEM
  remote: https://rubygems.org/
  specs:
    addressable (2.8.0)
      public_suffix (>= 2.0.2, < 5.0)
    colorize (0.8.1)
    commander (4.4.3)
      highline (~> 1.7.2)
    diffy (3.2.0)
    faraday (1.5.1)
      faraday-em_http (~> 1.0)
      faraday-em_synchrony (~> 1.0)
      faraday-excon (~> 1.1)
      faraday-httpclient (~> 1.0.1)
      faraday-net_http (~> 1.0)
      faraday-net_http_persistent (~> 1.1)
      faraday-patron (~> 1.0)
      multipart-post (>= 1.2, < 3)
      ruby2_keywords (>= 0.0.4)
    faraday-em_http (1.0.0)
    faraday-em_synchrony (1.0.0)
    faraday-excon (1.1.0)
    faraday-httpclient (1.0.1)
    faraday-net_http (1.0.1)
    faraday-net_http_persistent (1.2.0)
    faraday-patron (1.0.0)
    highline (1.7.10)
    multipart-post (2.1.1)
    octokit (4.7.0)
      sawyer (~> 0.8.0, >= 0.5.3)
    polyglot (0.3.5)
    public_suffix (4.0.6)
    ruby2_keywords (0.0.4)
    sawyer (0.8.2)
      addressable (>= 2.3.5)
      faraday (> 0.8, < 2.0)
    terraform_landscape (0.1.17)
      colorize (~> 0.7)
      commander (~> 4.4)
      diffy (~> 3.0)
      treetop (~> 1.6)
    treetop (1.6.9)
      polyglot (~> 0.3)

PLATFORMS
  ruby

DEPENDENCIES
  octokit
  terraform_landscape

BUNDLED WITH
   1.16.0
