GEM
  remote: https://rubygems.org/
  specs:
    addressable (2.5.2)
      public_suffix (>= 2.0.2, < 4.0)
    colorize (0.8.1)
    commander (4.4.3)
      highline (~> 1.7.2)
    diffy (3.2.0)
    faraday (0.13.1)
      multipart-post (>= 1.2, < 3)
    highline (1.7.10)
    multipart-post (2.0.0)
    octokit (4.7.0)
      sawyer (~> 0.8.0, >= 0.5.3)
    polyglot (0.3.5)
    public_suffix (3.0.1)
    sawyer (0.8.1)
      addressable (>= 2.3.5, < 2.6)
      faraday (~> 0.8, < 1.0)
    terraform_landscape (0.1.17)
      colorize (~> 0.7)
      commander (~> 4.4)
      diffy (~> 3.0)
      treetop (~> 1.6)
    treetop (1.6.9)
      polyglot (~> 0.3)

PLATFORMS
  ruby

DEPENDENCIES
  octokit
  terraform_landscape

BUNDLED WITH
   1.16.0
